GIT
  remote: https://github.com/evvnt/coprl.git
  revision: c8fd65ee0b72f81e3fdb67c60432b879238b7229
  branch: beta
  specs:
    coprl (3.0.0.beta.13)
      dry-configurable (> 0.1, <= 7.0)
      dry-container (~> 0.6)
      dry-inflector (~> 0.1)
      ice_nine (~> 0.11)
      redcarpet (~> 3.4)
      sinatra (>= 1.4, < 3.0)
      tzinfo (>= 1.1, < 3.0)
      tzinfo-data (~> 1.2018)
      zeitwerk (~> 2.1)

PATH
  remote: .
  specs:
    add_to_wallet_coprl_plugin (0.1.0)
      coprl

GEM
  remote: https://rubygems.org/
  specs:
    ast (2.4.2)
    concurrent-ruby (1.1.10)
    diff-lcs (1.5.0)
    dry-configurable (0.7.0)
      concurrent-ruby (~> 1.0)
    dry-container (0.7.2)
      concurrent-ruby (~> 1.0)
      dry-configurable (~> 0.1, >= 0.1.3)
    dry-inflector (0.2.0)
    ice_nine (0.11.2)
    mustermann (2.0.2)
      ruby2_keywords (~> 0.0.1)
    parallel (1.21.0)
    parser (3.1.3.0)
      ast (~> 2.4.1)
    rack (2.2.4)
    rack-protection (2.2.3)
      rack
    rainbow (3.1.1)
    rake (13.0.6)
    redcarpet (3.5.1)
    regexp_parser (2.2.0)
    rexml (3.2.5)
    rspec (3.10.0)
      rspec-core (~> 3.10.0)
      rspec-expectations (~> 3.10.0)
      rspec-mocks (~> 3.10.0)
    rspec-core (3.10.1)
      rspec-support (~> 3.10.0)
    rspec-expectations (3.10.2)
      diff-lcs (>= 1.2.0, < 2.0)
      rspec-support (~> 3.10.0)
    rspec-mocks (3.10.2)
      diff-lcs (>= 1.2.0, < 2.0)
      rspec-support (~> 3.10.0)
    rspec-support (3.10.3)
    rubocop (1.24.0)
      parallel (~> 1.10)
      parser (>= 3.0.0.0)
      rainbow (>= 2.2.2, < 4.0)
      regexp_parser (>= 1.8, < 3.0)
      rexml
      rubocop-ast (>= 1.15.0, < 2.0)
      ruby-progressbar (~> 1.7)
      unicode-display_width (>= 1.4.0, < 3.0)
    rubocop-ast (1.15.0)
      parser (>= 3.0.1.1)
    ruby-progressbar (1.11.0)
    ruby2_keywords (0.0.5)
    sinatra (2.2.3)
      mustermann (~> 2.0)
      rack (~> 2.2)
      rack-protection (= 2.2.3)
      tilt (~> 2.0)
    tilt (2.0.11)
    tzinfo (2.0.5)
      concurrent-ruby (~> 1.0)
    tzinfo-data (1.2022.7)
      tzinfo (>= 1.0.0)
    unicode-display_width (2.1.0)
    zeitwerk (2.6.6)

PLATFORMS
  x86_64-darwin-20
  x86_64-linux

DEPENDENCIES
  add_to_wallet_coprl_plugin!
  coprl!
  rake (~> 13.0)
  rspec (~> 3.1)
  rubocop (~> 1.23)

BUNDLED WITH
   2.2.33
